GEM
  remote: https://rubygems.org/
  specs:
    daybreak (0.3.0)
    json (2.0.2)
    puma (3.6.2)
    rack (1.6.5)
    rack-protection (1.5.3)
      rack
    rake (12.0.0)
    sinatra (1.4.7)
      rack (~> 1.5)
      rack-protection (~> 1.4)
      tilt (>= 1.3, < 3)
    tilt (2.0.5)

PLATFORMS
  ruby

DEPENDENCIES
  daybreak
  json
  puma
  rake
  sinatra

RUBY VERSION
   ruby 2.4.0p0

BUNDLED WITH
   1.13.7
