GEM
  remote: https://rubygems.org/
  specs:
    hobby (0.0.1)
      rack
    rack (2.0.1)

PLATFORMS
  ruby

DEPENDENCIES
  hobby

BUNDLED WITH
   1.13.2
